GIT
  remote: https://github.com/Empact/roo
  revision: 9e1b969762cbb80b1c52cfddd848e489f22f468f
  ref: 9e1b969762cbb80b1c52cfddd848e489f22f468f
  specs:
    roo (1.13.2)
      nokogiri
      rubyzip
      spreadsheet (> 0.6.4)

GIT
  remote: https://github.com/avalonmediasystem/about_page.git
  revision: 7c82e56b0ebb721d76c3db0d2ac29b69f2c1abef
  specs:
    about_page (0.3.1)
      rails (>= 3.2)

GIT
  remote: https://github.com/avalonmediasystem/active_annotations.git
  revision: 63c683fdf9f8d629116a28b9e8439b7e2269c265
  tag: avalon-r5
  specs:
    active_annotations (0.1.0)
      json-ld
      rdf-vocab

GIT
  remote: https://github.com/avalonmediasystem/avalon-about.git
  revision: 4bb6dda8426bfdad0969bbadb8f921c633d1cda0
  tag: avalon-r4
  specs:
    avalon-about (0.1.0)
      about_page
      mediainfo

GIT
  remote: https://github.com/avalonmediasystem/avalon-workflow.git
  revision: bcefb17e76a71ae657450434c22290ab52c123cf
  tag: avalon-r4
  specs:
    avalon-workflow (0.0.3)

GIT
  remote: https://github.com/avalonmediasystem/database_cleaner.git
  revision: 5d6c5956cb78668d3b4df3edfd3678dda7f5838a
  tag: avalon-r4
  specs:
    database_cleaner (1.0.1)

GIT
  remote: https://github.com/avalonmediasystem/felixwrapper.git
  revision: 2ae939d4811bc245d9f80c6a3f6cf6cc70d8c5b4
  tag: avalon-r4
  specs:
    felixwrapper (0.0.1)
      activesupport (>= 3.2.3)
      childprocess
      dot-properties
      i18n
      logger
      mediashelf-loggable

GIT
  remote: https://github.com/avalonmediasystem/hydra-head.git
  revision: 95d4a526ba73e449829f221565c3186f93c375b9
  branch: 8-1-stable
  specs:
    hydra-access-controls (8.1.0)
      active-fedora (~> 8.0)
      activesupport (~> 4.0)
      blacklight (~> 5.10)
      cancancan (~> 1.8)
      deprecation (~> 0.1)
      om (~> 3.0, >= 3.0.7)
      sass-rails
    hydra-core (8.1.0)
      block_helpers
      hydra-access-controls (= 8.1.0)
      jettywrapper (~> 1.5)
      rails (~> 4.0)
    hydra-head (8.1.0)
      hydra-access-controls (= 8.1.0)
      hydra-core (= 8.1.0)
      rails (~> 4.0)

GIT
  remote: https://github.com/avalonmediasystem/media-element-add-to-playlist.git
  revision: af3644c432e8c61dc6d31a0c72ab4bf28c6ecbdd
  branch: master
  specs:
    media_element_add_to_playlist (0.0.1)
      rails (~> 4.0)

GIT
  remote: https://github.com/avalonmediasystem/media-element-thumbnail-selector
  revision: b919ad61525cd608f42983846c87f48212e11646
  tag: avalon-r4
  specs:
    media_element_thumbnail_selector (0.0.1)
      rails (>= 3.2.3)

GIT
  remote: https://github.com/avalonmediasystem/mediaelement-hd-toggle.git
  revision: 102ad74ef5baef7b15983a9a49586da461fe1d32
  tag: avalon-r4
  specs:
    mediaelement-hd-toggle (0.0.1)

GIT
  remote: https://github.com/avalonmediasystem/mediaelement-qualityselector.git
  revision: f0b1a10883a6e57faedff45112c1fb4243e99ad2
  tag: avalon-r4
  specs:
    mediaelement-qualityselector (0.0.1)

GIT
  remote: https://github.com/avalonmediasystem/mediaelement-skin-avalon.git
  revision: a564874595672d5f751a83ae43685728c247f49e
  tag: avalon-r5
  specs:
    mediaelement-skin-avalon (0.0.1)

GIT
  remote: https://github.com/avalonmediasystem/mediaelement-title.git
  revision: a2e67d24217f06a0a7d46c0175cc64fc178cf1fc
  tag: avalon-r4
  specs:
    mediaelement-title (0.0.1)

GIT
  remote: https://github.com/avalonmediasystem/mediaelement-track-scrubber.git
  revision: 8b9b094cbd30f3d8954026cd3650a26df5d5a417
  branch: master
  specs:
    mediaelement-track-scrubber (0.0.1)
      rails (>= 4.0)

GIT
  remote: https://github.com/avalonmediasystem/mediaelement_rails.git
  revision: 8ce0042124460f1c3893372afcee34a93d25f8fd
  branch: captions
  specs:
    mediaelement_rails (0.5.1)
      jquery-rails (>= 1.0)
      railties (>= 3.1)

GIT
  remote: https://github.com/avalonmediasystem/omniauth-lti.git
  revision: 7534c44fc5a3c927aec57bbd3a15cbad37feec74
  tag: avalon-r4
  specs:
    omniauth-lti (0.0.2)
      ims-lti
      omniauth

GIT
  remote: https://github.com/avalonmediasystem/red5wrapper.git
  revision: 0975db8c8664730734c54cc5683bc75400e4143e
  tag: avalon-r4
  specs:
    red5wrapper (0.0.1)
      activesupport (>= 3.2.3)
      childprocess
      i18n
      logger
      mediashelf-loggable

GIT
  remote: https://github.com/bricestacey/ruby-zoom.git
  revision: 5348fd415520fa08af33ca7b84113a93d2da9f10
  specs:
    zoom (0.5.0)

GIT
  remote: https://github.com/cwant/rubyhorn.git
  revision: fb80213ddbf6294abd1049db201a321e0c846816
  branch: cwant/increase-timeout-test
  specs:
    rubyhorn (0.0.6)
      activesupport
      json
      mediashelf-loggable
      mime-types
      net-http-digest_auth
      om
      rest-client

GIT
  remote: https://github.com/projecthydra-labs/active_encode.git
  revision: 5e68c05fd4023d8bc6655d9a65ae709553c7ab8f
  tag: v0.0.3
  specs:
    active_encode (0.0.2)
      activesupport

GIT
  remote: https://github.com/ualbertalib/modal_logic.git
  revision: 1a64e24e353e5cfcbde4a285a34ba45e071704ea
  branch: master
  specs:
    modal_logic (0.0.7)
      handlebars_assets (= 0.14.1)
      rails (>= 4)

GEM
  remote: http://rubygems.org/
  specs:
    actionmailer (4.2.9)
      actionpack (= 4.2.9)
      actionview (= 4.2.9)
      activejob (= 4.2.9)
      mail (~> 2.5, >= 2.5.4)
      rails-dom-testing (~> 1.0, >= 1.0.5)
    actionpack (4.2.9)
      actionview (= 4.2.9)
      activesupport (= 4.2.9)
      rack (~> 1.6)
      rack-test (~> 0.6.2)
      rails-dom-testing (~> 1.0, >= 1.0.5)
      rails-html-sanitizer (~> 1.0, >= 1.0.2)
    actionview (4.2.9)
      activesupport (= 4.2.9)
      builder (~> 3.1)
      erubis (~> 2.7.0)
      rails-dom-testing (~> 1.0, >= 1.0.5)
      rails-html-sanitizer (~> 1.0, >= 1.0.3)
    active-fedora (8.1.0)
      active-triples (~> 0.4.0)
      activesupport (>= 3.0.0)
      deprecation
      nom-xml (>= 0.5.1)
      om (~> 3.1)
      rdf-rdfxml (~> 1.1.0)
      rsolr (~> 1.1.2)
      rubydora (~> 1.8)
    active-triples (0.4.0)
      activemodel (>= 3.0.0)
      activesupport (>= 3.0.0)
      deprecation (~> 0.1)
      linkeddata (~> 1.1)
      rdf (~> 1.1)
    activejob (4.2.9)
      activesupport (= 4.2.9)
      globalid (>= 0.3.0)
    activemodel (4.2.9)
      activesupport (= 4.2.9)
      builder (~> 3.1)
    activerecord (4.2.9)
      activemodel (= 4.2.9)
      activesupport (= 4.2.9)
      arel (~> 6.0)
    activerecord-session_store (1.0.0)
      actionpack (>= 4.0, < 5.1)
      activerecord (>= 4.0, < 5.1)
      multi_json (~> 1.11, >= 1.11.2)
      rack (>= 1.5.2, < 3)
      railties (>= 4.0, < 5.1)
    activesupport (4.2.9)
      i18n (~> 0.7)
      minitest (~> 5.1)
      thread_safe (~> 0.3, >= 0.3.4)
      tzinfo (~> 1.1)
    acts_as_list (0.8.2)
      activerecord (>= 3.0)
    addressable (2.5.0)
      public_suffix (~> 2.0, >= 2.0.2)
    api-pagination (4.5.2)
    arel (6.0.4)
    ast (2.4.0)
    autoprefixer-rails (6.6.1)
      execjs
    avalon-wowza (0.2.0)
    bcp47 (0.3.3)
      i18n
    bcrypt (3.1.11)
    bcrypt-ruby (3.1.5)
      bcrypt (>= 3.1.3)
    better_errors (2.1.1)
      coderay (>= 1.0.0)
      erubis (>= 2.6.6)
      rack (>= 0.9.0)
    binding_of_caller (0.7.2)
      debug_inspector (>= 0.0.1)
    blacklight (5.19.2)
      bootstrap-sass (~> 3.2)
      deprecation
      kaminari (>= 0.15)
      nokogiri (~> 1.6)
      rails (>= 3.2.6, < 5)
      rsolr (~> 1.1.2)
    block_helpers (0.3.3)
      activesupport (>= 2.0)
    bootstrap-sass (3.3.3)
      autoprefixer-rails (>= 5.0.0.1)
      sass (>= 3.2.19)
    bootstrap_form (2.5.3)
    browse-everything (0.6.3)
      bootstrap-sass
      dropbox-sdk (>= 1.6.2)
      font-awesome-rails
      google-api-client
      google_drive
      rails (>= 3.1)
      ruby-box
      sass-rails
      skydrive
    builder (3.1.4)
    byebug (9.0.6)
    callsite (0.0.11)
    cancancan (1.15.0)
    capistrano (2.12.0)
      highline
      net-scp (>= 1.0.0)
      net-sftp (>= 2.0.0)
      net-ssh (>= 2.0.14)
      net-ssh-gateway (>= 1.1.0)
    capybara (2.11.0)
      addressable
      mime-types (>= 1.16)
      nokogiri (>= 1.3.3)
      rack (>= 1.0.0)
      rack-test (>= 0.5.4)
      xpath (~> 2.0)
    childprocess (0.5.9)
      ffi (~> 1.0, >= 1.0.11)
    chronic (0.10.2)
    chunky_png (1.3.8)
    coderay (1.1.1)
    coffee-rails (4.2.1)
      coffee-script (>= 2.2.0)
      railties (>= 4.0.0, < 5.2.x)
    coffee-script (2.4.1)
      coffee-script-source
      execjs
    coffee-script-source (1.12.2)
    columnize (0.9.0)
    compass (0.12.7)
      chunky_png (~> 1.2)
      fssm (>= 0.2.7)
      sass (~> 3.2.19)
    compass-rails (2.0.0)
      compass (>= 0.12.2)
    compass-susy-plugin (0.9)
      compass (>= 0.11.1)
    coveralls (0.8.18)
      json (>= 1.8, < 3)
      simplecov (~> 0.12.0)
      term-ansicolor (~> 1.3)
      thor (~> 0.19.1)
      tins (~> 1.6)
    crass (1.0.4)
    daemons (1.2.4)
    debug_inspector (0.0.2)
    debugger (1.6.8)
      columnize (>= 0.3.1)
      debugger-linecache (~> 1.2.0)
      debugger-ruby_core_source (~> 1.3.5)
    debugger-linecache (1.2.0)
    debugger-ruby_core_source (1.3.8)
    delayed_job (4.1.2)
      activesupport (>= 3.0, < 5.1)
    delayed_job_active_record (4.1.1)
      activerecord (>= 3.0, < 5.1)
      delayed_job (>= 3.0, < 5)
    deprecation (0.2.2)
      activesupport
    devise (3.5.10)
      bcrypt (~> 3.0)
      orm_adapter (~> 0.1)
      railties (>= 3.2.6, < 5)
      responders
      thread_safe (~> 0.1)
      warden (~> 1.2.3)
    diff-lcs (1.2.5)
    docile (1.1.5)
    domain_name (0.5.20161129)
      unf (>= 0.0.5, < 1.0.0)
    dot-properties (0.1.3)
    dotenv (2.1.2)
    dotenv-rails (2.1.2)
      dotenv (= 2.1.2)
      railties (>= 3.2, < 5.1)
    dropbox-sdk (1.6.5)
      json
    ebnf (0.3.9)
      rdf (~> 1.1)
      sxp (~> 0.1, >= 0.1.3)
    edtf (3.0.0)
      activesupport (>= 3.0, < 6.0)
    email_spec (2.1.0)
      htmlentities (~> 4.3.3)
      launchy (~> 2.1)
      mail (~> 2.6.3)
    equivalent-xml (0.6.0)
      nokogiri (>= 1.4.3)
    erubis (2.7.0)
    execjs (2.7.0)
    factory_girl (4.8.0)
      activesupport (>= 3.0.0)
    factory_girl_rails (4.8.0)
      factory_girl (~> 4.8.0)
      railties (>= 3.0.0)
    fakefs (0.10.2)
    faker (1.7.2)
      i18n (~> 0.5)
    fakeweb (1.3.0)
    faraday (0.10.1)
      multipart-post (>= 1.2, < 3)
    fastercsv (1.5.5)
    ffi (1.9.17)
    font-awesome-rails (4.7.0.1)
      railties (>= 3.2, < 5.1)
    fssm (0.2.10)
    git-version-bump (0.15.1)
    globalid (0.4.0)
      activesupport (>= 4.2.0)
    google-api-client (0.9.20)
      addressable (~> 2.3)
      googleauth (~> 0.5)
      httpclient (~> 2.7)
      hurley (~> 0.1)
      memoist (~> 0.11)
      mime-types (>= 1.6)
      representable (~> 2.3.0)
      retriable (~> 2.0)
    google_drive (2.1.2)
      google-api-client (>= 0.9.0, < 1.0.0)
      googleauth (>= 0.5.0, < 1.0.0)
      nokogiri (>= 1.5.3, < 2.0.0)
    googleauth (0.5.1)
      faraday (~> 0.9)
      jwt (~> 1.4)
      logging (~> 2.0)
      memoist (~> 0.12)
      multi_json (~> 1.11)
      os (~> 0.9)
      signet (~> 0.7)
    haml (4.0.7)
      tilt
    handlebars_assets (0.14.1)
      execjs (>= 1.2.9)
      sprockets (>= 2.0.3)
      tilt
    hashdiff (0.3.2)
    hashie (3.4.6)
    headless (2.3.1)
    highline (1.7.8)
    hike (1.2.3)
    hooks (0.3.6)
      uber (~> 0.0.4)
    htmlentities (4.3.4)
    httmultiparty (0.3.16)
      httparty (>= 0.7.3)
      mimemagic
      multipart-post
    http-cookie (1.0.3)
      domain_name (~> 0.5)
    httparty (0.14.0)
      multi_xml (>= 0.5.2)
    httpclient (2.8.3)
    hurley (0.2)
    i18n (0.8.6)
    iconv (1.0.4)
    ims-lti (1.1.13)
      builder
      oauth (>= 0.4.5, < 0.6)
    iso8601 (0.9.1)
    jettywrapper (1.8.3)
      activesupport (>= 3.0.0)
      childprocess
      i18n
      logger
    jquery-rails (3.1.4)
      railties (>= 3.0, < 5.0)
      thor (>= 0.14, < 2.0)
    jquery-ui-rails (5.0.0)
      railties (>= 3.2.16)
    json (2.1.0)
    json-ld (1.1.11.1)
      multi_json (~> 1.11)
      rdf (~> 1.1, >= 1.1.17, < 1.99)
    jwt (1.5.6)
    kaminari (0.15.1)
      actionpack (>= 3.0.0)
      activesupport (>= 3.0.0)
    launchy (2.4.3)
      addressable (~> 2.3)
    letter_opener (1.4.1)
      launchy (~> 2.2)
    levenshtein (0.2.2)
    libv8 (3.16.14.17)
    license_header (0.0.4)
      highline
    link_header (0.0.8)
    linkeddata (1.1.11.2)
      equivalent-xml (~> 0.5)
      json-ld (~> 1.1, >= 1.1.8, < 1.99)
      nokogiri (~> 1.6)
      rdf (~> 1.1, >= 1.1.11, < 1.99)
      rdf-aggregate-repo (~> 1.1, < 1.99)
      rdf-isomorphic (~> 1.1, < 1.99)
      rdf-json (~> 1.1, >= 1.1.2, < 1.99)
      rdf-microdata (~> 2.0, >= 2.0.1)
      rdf-n3 (~> 1.1, >= 1.1.3, < 1.99)
      rdf-rdfa (~> 1.1, >= 1.1.6, < 1.99)
      rdf-rdfxml (~> 1.1, >= 1.1.4, < 1.99)
      rdf-reasoner (~> 0.2, >= 0.2.1, < 1.99)
      rdf-tabular (~> 0.1, >= 0.1.2)
      rdf-trig (~> 1.1, >= 1.1.4, < 1.99)
      rdf-trix (~> 1.1, < 1.99)
      rdf-turtle (~> 1.1, >= 1.1.6, < 1.99)
      rdf-vocab (~> 0.8)
      rdf-xsd (~> 1.1, >= 1.1.3, < 1.99)
      sparql (~> 1.1, >= 1.1.5, < 1.99)
      sparql-client (~> 1.1, >= 1.1.3, < 1.99)
    little-plugger (1.1.4)
    logger (1.2.8)
    logging (2.1.0)
      little-plugger (~> 1.1)
      multi_json (~> 1.10)
    loofah (2.2.2)
      crass (~> 1.0.2)
      nokogiri (>= 1.5.9)
    mail (2.6.6)
      mime-types (>= 1.16, < 4)
    marc (1.0.0)
      scrub_rb (>= 1.0.1, < 2)
      unf
    media-element-logo-plugin (0.0.2)
      rails (>= 3.2.3)
    mediainfo (0.7.2)
    mediashelf-loggable (0.4.10)
    memoist (0.15.0)
    meta_request (0.4.0)
      callsite (~> 0.0, >= 0.0.11)
      rack-contrib (~> 1.1)
      railties (>= 3.0.0, < 5.1.0)
    method_source (0.8.2)
    mime-types (3.1)
      mime-types-data (~> 3.2015)
    mime-types-data (3.2016.0521)
    mimemagic (0.3.2)
    mini_portile2 (2.3.0)
    minitest (5.10.3)
    multi_json (1.12.2)
    multi_xml (0.6.0)
    multipart-post (2.0.0)
    mysql2 (0.3.21)
    net-http-digest_auth (1.4.1)
    net-http-persistent (2.9.4)
    net-ldap (0.16.1)
    net-scp (1.2.1)
      net-ssh (>= 2.6.5)
    net-sftp (2.1.2)
      net-ssh (>= 2.6.5)
    net-ssh (4.0.1)
    net-ssh-gateway (1.2.0)
      net-ssh (>= 2.6.5)
    netrc (0.11.0)
    nokogiri (1.8.2)
      mini_portile2 (~> 2.3.0)
    nom-xml (0.5.4)
      activesupport (>= 3.2.18)
      i18n
      nokogiri
    oauth (0.5.1)
    oauth2 (1.3.0)
      faraday (>= 0.8, < 0.11)
      jwt (~> 1.0)
      multi_json (~> 1.3)
      multi_xml (~> 0.5)
      rack (>= 1.2, < 3)
    om (3.1.1)
      activemodel
      activesupport
      nokogiri (>= 1.4.2)
      solrizer (~> 3.3)
    omniauth (1.3.2)
      hashie (>= 1.2, < 4)
      rack (>= 1.0, < 3)
    omniauth-identity (1.1.1)
      bcrypt-ruby (~> 3.0)
      omniauth (~> 1.0)
    omniauth-shibboleth (1.2.1)
      omniauth (>= 1.0.0)
    orm_adapter (0.5.0)
    os (0.9.6)
    parallel (1.12.1)
    parser (2.5.0.5)
      ast (~> 2.4.0)
    powerpack (0.1.1)
    pry (0.10.4)
      coderay (~> 1.1.0)
      method_source (~> 0.8.1)
      slop (~> 3.4)
    pry-byebug (3.4.2)
      byebug (~> 9.0)
      pry (~> 0.10)
    pry-debugger (0.2.3)
      debugger (~> 1.3)
      pry (>= 0.9.10, < 0.11.0)
    pry-rails (0.3.4)
      pry (>= 0.9.10)
    public_suffix (2.0.5)
    puma (3.6.2)
    rack (1.6.8)
    rack-contrib (1.4.0)
      git-version-bump (~> 0.15)
      rack (~> 1.4)
    rack-test (0.6.3)
      rack (>= 1.0)
    rails (4.2.9)
      actionmailer (= 4.2.9)
      actionpack (= 4.2.9)
      actionview (= 4.2.9)
      activejob (= 4.2.9)
      activemodel (= 4.2.9)
      activerecord (= 4.2.9)
      activesupport (= 4.2.9)
      bundler (>= 1.3.0, < 2.0)
      railties (= 4.2.9)
      sprockets-rails
    rails-deprecated_sanitizer (1.0.3)
      activesupport (>= 4.2.0.alpha)
    rails-dom-testing (1.0.8)
      activesupport (>= 4.2.0.beta, < 5.0)
      nokogiri (~> 1.6)
      rails-deprecated_sanitizer (>= 1.0.1)
    rails-html-sanitizer (1.0.4)
      loofah (~> 2.2, >= 2.2.2)
    railties (4.2.9)
      actionpack (= 4.2.9)
      activesupport (= 4.2.9)
      rake (>= 0.8.7)
      thor (>= 0.18.1, < 2.0)
    rainbow (2.2.2)
      rake
    rake (10.5.0)
    rb-fsevent (0.9.8)
    rdf (1.1.17.1)
      link_header (~> 0.0, >= 0.0.8)
    rdf-aggregate-repo (1.1.0.1)
      rdf (~> 1.1, < 1.99)
    rdf-isomorphic (1.1.0.2)
      rdf (~> 1.1, >= 1.1.17, < 1.99)
    rdf-json (1.1.2.1)
      rdf (~> 1.1, < 1.99)
    rdf-microdata (2.0.2)
      htmlentities (~> 4.3)
      nokogiri (~> 1.6)
      rdf (~> 1.1)
      rdf-xsd (~> 1.1)
    rdf-n3 (1.1.3.1)
      rdf (~> 1.1, >= 1.1.17, < 1.99)
    rdf-rdfa (1.1.6.1)
      haml (~> 4.0)
      htmlentities (~> 4.3)
      rdf (~> 1.1, >= 1.1.6, < 1.99)
      rdf-aggregate-repo (~> 1.1, < 1.99)
      rdf-xsd (~> 1.1, < 1.99)
    rdf-rdfxml (1.1.5.1)
      htmlentities (~> 4.3)
      rdf (~> 1.1, >= 1.1.6, < 1.99)
      rdf-rdfa (~> 1.1, >= 1.1.4.1, < 1.99)
      rdf-xsd (~> 1.1, < 1.99)
    rdf-reasoner (0.3.0)
      rdf (~> 1.1, >= 1.1.4.2)
      rdf-turtle (~> 1.1)
      rdf-vocab (~> 0.8)
      rdf-xsd (~> 1.1)
    rdf-tabular (0.3.0)
      addressable (~> 2.3)
      bcp47 (~> 0.3, >= 0.3.3)
      json-ld (~> 1.1)
      rdf (~> 1.1, >= 1.1.7)
      rdf-vocab (~> 0.8)
      rdf-xsd (~> 1.1)
    rdf-trig (1.1.5.1)
      ebnf (~> 0.3, >= 0.3.7)
      rdf (~> 1.1, >= 1.1.11, < 1.99)
      rdf-turtle (~> 1.1, >= 1.1.7, < 1.99)
    rdf-trix (1.1.0.1)
      rdf (~> 1.1, < 1.99)
    rdf-turtle (1.1.8)
      ebnf (~> 0.3, >= 0.3.6)
      rdf (~> 1.1, >= 1.1.10)
    rdf-vocab (0.8.8)
      rdf (~> 1.1, >= 1.1.10)
    rdf-xsd (1.1.5.1)
      rdf (~> 1.1, >= 1.1.9, < 1.99)
    ref (2.0.0)
    representable (2.3.0)
      uber (~> 0.0.7)
    responders (2.3.0)
      railties (>= 4.2.0, < 5.1)
    rest-client (2.0.0)
      http-cookie (>= 1.0.2, < 2.0)
      mime-types (>= 1.16, < 4.0)
      netrc (~> 0.8)
    retriable (2.1.0)
    rollbar (2.15.0)
      multi_json
    rsolr (1.1.2)
      builder (>= 2.1.2)
    rspec-core (3.5.4)
      rspec-support (~> 3.5.0)
    rspec-expectations (3.5.0)
      diff-lcs (>= 1.2.0, < 2.0)
      rspec-support (~> 3.5.0)
    rspec-its (1.2.0)
      rspec-core (>= 3.0.0)
      rspec-expectations (>= 3.0.0)
    rspec-mocks (3.5.0)
      diff-lcs (>= 1.2.0, < 2.0)
      rspec-support (~> 3.5.0)
    rspec-rails (3.5.2)
      actionpack (>= 3.0)
      activesupport (>= 3.0)
      railties (>= 3.0)
      rspec-core (~> 3.5.0)
      rspec-expectations (~> 3.5.0)
      rspec-mocks (~> 3.5.0)
      rspec-support (~> 3.5.0)
    rspec-support (3.5.0)
    rspec_junit_formatter (0.2.3)
      builder (< 4)
      rspec-core (>= 2, < 4, != 2.12.0)
    rubocop (0.49.1)
      parallel (~> 1.10)
      parser (>= 2.3.3.1, < 3.0)
      powerpack (~> 0.1)
      rainbow (>= 1.99.1, < 3.0)
      ruby-progressbar (~> 1.7)
      unicode-display_width (~> 1.0, >= 1.0.1)
    ruby-box (1.15.0)
      addressable
      json
      multipart-post
      oauth2
    ruby-duration (3.2.3)
      activesupport (>= 3.0.0)
      i18n
      iso8601
    ruby-ole (1.2.12)
    ruby-progressbar (1.9.0)
    rubydora (1.8.1)
      activemodel
      activesupport
      deprecation
      equivalent-xml
      fastercsv
      hooks (~> 0.3.0)
      mime-types
      nokogiri
      rest-client
    rubyzip (1.2.1)
    rugged (0.25.1)
    rvm-capistrano (1.4.1)
      capistrano (>= 2.0.0)
    sass (3.2.19)
    sass-rails (4.0.5)
      railties (>= 4.0.0, < 5.0)
      sass (~> 3.2.2)
      sprockets (~> 2.8, < 3.0)
      sprockets-rails (~> 2.0)
    scrub_rb (1.0.1)
    shoulda-matchers (2.8.0)
      activesupport (>= 3.0.0)
    signet (0.7.3)
      addressable (~> 2.3)
      faraday (~> 0.9)
      jwt (~> 1.5)
      multi_json (~> 1.10)
    simplecov (0.12.0)
      docile (~> 1.1.0)
      json (>= 1.8, < 3)
      simplecov-html (~> 0.10.0)
    simplecov-html (0.10.0)
    skydrive (1.2.0)
      activesupport
      httmultiparty
      httparty (>= 0.11.0)
      oauth2 (>= 0.9.2)
    slop (3.6.0)
    solrizer (3.3.0)
      activesupport
      daemons
      nokogiri
      stomp
      xml-simple
    sparql (1.1.5)
      builder (~> 3.0)
      ebnf (~> 0.3, >= 0.3.5)
      rdf (~> 1.1, >= 1.1.4)
      rdf-aggregate-repo (~> 1.1, >= 1.1.0)
      rdf-xsd (~> 1.1)
      sparql-client (~> 1.1)
      sxp (~> 0.1)
    sparql-client (1.1.6.1)
      net-http-persistent (~> 2.9)
      rdf (~> 1.1, < 1.99)
    spreadsheet (1.1.4)
      ruby-ole (>= 1.0)
    sprockets (2.11.3)
      hike (~> 1.2)
      multi_json (~> 1.0)
      rack (~> 1.0)
      tilt (~> 1.1, != 1.3.0)
    sprockets-rails (2.3.3)
      actionpack (>= 3.0)
      activesupport (>= 3.0)
      sprockets (>= 2.8, < 4.0)
    stomp (1.4.3)
    sxp (0.1.5)
    term-ansicolor (1.4.0)
      tins (~> 1.0)
    therubyracer (0.12.3)
      libv8 (~> 3.16.14.15)
      ref
    thor (0.19.4)
    thread_safe (0.3.6)
    tilt (1.4.1)
    tins (1.13.0)
    twitter-typeahead-rails (0.11.1.pre.corejavascript)
      actionpack (>= 3.1)
      jquery-rails
      railties (>= 3.1)
    tzinfo (1.2.3)
      thread_safe (~> 0.1)
    uber (0.0.15)
    uglifier (3.0.4)
      execjs (>= 0.3.0, < 3)
    unf (0.1.4)
      unf_ext
    unf_ext (0.0.7.2)
    unicode-display_width (1.3.0)
    validates_email_format_of (1.6.3)
      i18n
    warden (1.2.7)
      rack (>= 1.0)
    web-console (2.3.0)
      activemodel (>= 4.0)
      binding_of_caller (>= 0.7.2)
      railties (>= 4.0)
      sprockets-rails (>= 2.0, < 4.0)
    whenever (0.9.7)
      chronic (>= 0.6.3)
    with_locking (1.0.2)
    xml-simple (1.1.5)
    xpath (2.0.0)
      nokogiri (~> 1.3)
    xray-rails (0.2.0)
      rails (>= 3.1.0)

PLATFORMS
  ruby

DEPENDENCIES
  about_page!
  active-fedora (~> 8.1.0)
  active_annotations!
  active_encode!
  activerecord-session_store
  acts_as_list
  addressable
  api-pagination
  avalon-about!
  avalon-workflow!
  avalon-wowza
  bcrypt-ruby (~> 3.1.0)
  better_errors
  binding_of_caller
  blacklight (~> 5.10)
  bootstrap-sass (= 3.3.3)
  bootstrap_form
  browse-everything (= 0.6.3)
  builder (~> 3.1.0)
  capistrano (~> 2.12.0)
  capybara
  coffee-rails
  compass-rails
  compass-susy-plugin (~> 0.9.0)
  coveralls
  daemons
  database_cleaner!
  delayed_job (~> 4.0)
  delayed_job_active_record
  devise (~> 3.5)
  dotenv-rails
  edtf
  email_spec
  equivalent-xml
  execjs
  factory_girl_rails
  fakefs
  faker
  fakeweb
  felixwrapper!
  font-awesome-rails (~> 4.3)
  haml
  handlebars_assets
  hashdiff
  headless
  hooks
  hydra-head!
  iconv
  jettywrapper
  jquery-rails (~> 3.1.4)
  jquery-ui-rails (= 5.0.0)
  jruby-openssl
  kaminari (~> 0.15.0)
  letter_opener
  levenshtein
  license_header
  loofah (~> 2.2.1)
  mail (~> 2.6.6.rc1)
  marc
  media-element-logo-plugin
  media_element_add_to_playlist!
  media_element_thumbnail_selector!
  mediaelement-hd-toggle!
  mediaelement-qualityselector!
  mediaelement-skin-avalon!
  mediaelement-title!
  mediaelement-track-scrubber!
  mediaelement_rails!
  mediainfo
  meta_request
  mime-types (>= 1.1)
  modal_logic!
  multipart-post
  mysql2 (~> 0.3.20)
  net-ldap (~> 0.16.0)
  nokogiri (~> 1.8.2)
  nom-xml (~> 0.5.2)
  om (~> 3.1.0)
  omniauth-identity
  omniauth-lti!
  omniauth-shibboleth
  pry
  pry-byebug
  pry-debugger
  pry-rails
  puma
  rails (~> 4.2)
  rails-html-sanitizer (~> 1.0.4)
  rake (~> 10.4)
  rb-fsevent (~> 0.9.1)
  red5wrapper!
  rollbar
  roo!
  rsolr (~> 1.1.2)
  rspec-its
  rspec-rails
  rspec_junit_formatter
  rubocop (~> 0.49.1)
  ruby-duration
  rubydora (~> 1.8.1)
  rubyhorn!
  rubyzip (>= 1.2.1)
  rugged
  rvm-capistrano
  sass-rails (~> 4.0.5)
  shoulda-matchers (~> 2.8)
  simplecov
  solrizer (~> 3.3.0)
  sprockets (~> 2.11.3)
  therubyracer (>= 0.12.0)
  therubyrhino
  twitter-typeahead-rails (= 0.11.1.pre.corejavascript)
  uglifier (>= 1.3.0)
  validates_email_format_of
  web-console (~> 2.0)
  whenever
  with_locking
  xray-rails
  zoom!

BUNDLED WITH
   1.13.7
